GEM
  remote: https://rubygems.org/
  specs:
    docile (1.3.1)
    json (2.3.1)
    metaclass (0.0.4)
    minitest (5.11.3)
    mocha (1.8.0)
      metaclass (~> 0.0.1)
    rake (12.3.3)
    simplecov (0.16.1)
      docile (~> 1.1)
      json (>= 1.8, < 3)
      simplecov-html (~> 0.10.0)
    simplecov-html (0.10.2)
    simplecov-shields-badge (0.1.0)
      simplecov (~> 0.15)
    spy (1.0.0)
    yard (0.9.36)

PLATFORMS
  ruby

DEPENDENCIES
  minitest
  mocha
  rake
  simplecov
  simplecov-shields-badge
  spy
  yard

BUNDLED WITH
   1.17.3
