GEM
  remote: https://rubygems.org/
  specs:
    rake (12.3.2)
    yard (0.9.19)

PLATFORMS
  ruby

DEPENDENCIES
  rake
  yard

BUNDLED WITH
   1.16.1
