GEM
  remote: https://rubygems.org/
  specs:
    yard (0.9.19)

PLATFORMS
  ruby

DEPENDENCIES
  yard

BUNDLED WITH
   1.16.1
